PATH
  remote: .
  specs:
    trackerific (0.6.2)
      builder
      httparty

GEM
  remote: http://rubygems.org/
  specs:
    archive-tar-minitar (0.5.2)
    builder (3.0.0)
    columnize (0.3.3)
    diff-lcs (1.1.2)
    fakeweb (1.3.0)
    httparty (0.8.1)
      multi_json
      multi_xml
    linecache19 (0.5.12)
      ruby_core_source (>= 0.1.4)
    multi_json (1.0.3)
    multi_xml (0.4.1)
    rspec (2.6.0)
      rspec-core (~> 2.6.0)
      rspec-expectations (~> 2.6.0)
      rspec-mocks (~> 2.6.0)
    rspec-core (2.6.4)
    rspec-expectations (2.6.0)
      diff-lcs (~> 1.1.2)
    rspec-mocks (2.6.0)
    ruby-debug-base19 (0.11.25)
      columnize (>= 0.3.1)
      linecache19 (>= 0.5.11)
      ruby_core_source (>= 0.1.4)
    ruby-debug19 (0.11.6)
      columnize (>= 0.3.1)
      linecache19 (>= 0.5.11)
      ruby-debug-base19 (>= 0.11.19)
    ruby_core_source (0.1.5)
      archive-tar-minitar (>= 0.5.2)
    simplecov (0.4.2)
      simplecov-html (~> 0.4.4)
    simplecov-html (0.4.5)
    yard (0.7.1)
    yardstick (0.4.0)
      yard (~> 0.7.0)

PLATFORMS
  ruby

DEPENDENCIES
  fakeweb
  rspec
  ruby-debug19
  simplecov
  trackerific!
  yardstick
